GIT
  remote: git://github.com/wagenet/qunit-cli-runner.git
  revision: 67e773091aed52773eb78ce1b557f642147fe9d9
  branch: master
  specs:
    qunit-cli-runner (0.0.1)
      colored

GEM
  remote: https://rubygems.org/
  specs:
    aws-sdk (1.11.0)
      json (~> 1.4)
      nokogiri (>= 1.4.4)
      uuidtools (~> 2.1)
    colored (1.2)
    json (1.8.0)
    nokogiri (1.5.9)
    rake (10.0.2)
    uuidtools (2.1.4)

PLATFORMS
  ruby

DEPENDENCIES
  aws-sdk
  qunit-cli-runner!
  rake
